GEM
  remote: https://rubygems.org/
  specs:
    aws-sdk (2.0.48)
      aws-sdk-resources (= 2.0.48)
    aws-sdk-core (2.0.48)
      builder (~> 3.0)
      jmespath (~> 1.0)
      multi_json (~> 1.0)
    aws-sdk-resources (2.0.48)
      aws-sdk-core (= 2.0.48)
    builder (3.2.4)
    campaigning (0.15.0)
      soap4r (~> 1.5.0)
    httpclient (2.8.3)
    jmespath (1.4.0)
    macaddr (1.7.2)
      systemu (~> 2.6.5)
    multi_json (1.14.1)
    psych (5.1.0)
      stringio
    rdoc (6.5.0)
      psych (>= 4.0.0)
    soap4r (1.5.8)
      httpclient (>= 2.1.1)
    stringio (3.0.8)
    systemu (2.6.5)
    t-minus (0.2.0)
      campaigning (>= 0.15.0)
    uuid (2.3.9)
      macaddr (~> 1.0)

PLATFORMS
  x64-mingw32
  x86_64-linux

DEPENDENCIES
  aws-sdk (~> 2.0.22)
  rdoc (~> 6.0)
  t-minus (= 0.2.0)
  uuid (~> 2.3.7)

BUNDLED WITH
   2.4.18
